GEM
  remote: https://rubygems.org/
  specs:
    daemons (1.3.1)
    etc (1.1.0)
    eventmachine (1.2.7)
    kgio (2.11.3)
    mustermann (1.1.1)
      ruby2_keywords (~> 0.0.1)
    nio4r (2.5.2)
    passenger (6.0.5)
      etc
      rack
      rake (>= 0.8.1)
    puma (4.3.5)
      nio4r (~> 2.0)
    rack (2.2.3)
    rack-protection (2.0.8.1)
      rack
    raindrops (0.19.1)
    rake (13.0.1)
    ruby2_keywords (0.0.2)
    sinatra (2.0.8.1)
      mustermann (~> 1.0)
      rack (~> 2.0)
      rack-protection (= 2.0.8.1)
      tilt (~> 2.0)
    thin (1.7.2)
      daemons (~> 1.0, >= 1.0.9)
      eventmachine (~> 1.0, >= 1.0.4)
      rack (>= 1, < 3)
    tilt (2.0.10)
    unicorn (5.5.5)
      kgio (~> 2.6)
      raindrops (~> 0.7)

PLATFORMS
  ruby

DEPENDENCIES
  passenger
  puma
  sinatra
  thin
  unicorn

BUNDLED WITH
   1.17.2
